GIT
  remote: git://github.com/galetahub/ckeditor.git
  revision: 9e35addb42b42c7d520bbb579ecdb3d89d6a5847
  specs:
    ckeditor (4.0.11)
      mime-types
      orm_adapter (~> 0.5.0)

GEM
  remote: https://rubygems.org/
  specs:
    actionmailer (3.2.12)
      actionpack (= 3.2.12)
      mail (~> 2.4.4)
    actionpack (3.2.12)
      activemodel (= 3.2.12)
      activesupport (= 3.2.12)
      builder (~> 3.0.0)
      erubis (~> 2.7.0)
      journey (~> 1.0.4)
      rack (~> 1.4.5)
      rack-cache (~> 1.2)
      rack-test (~> 0.6.1)
      sprockets (~> 2.2.1)
    activemodel (3.2.12)
      activesupport (= 3.2.12)
      builder (~> 3.0.0)
    activerecord (3.2.12)
      activemodel (= 3.2.12)
      activesupport (= 3.2.12)
      arel (~> 3.0.2)
      tzinfo (~> 0.3.29)
    activeresource (3.2.12)
      activemodel (= 3.2.12)
      activesupport (= 3.2.12)
    activesupport (3.2.12)
      i18n (~> 0.6)
      multi_json (~> 1.0)
    acts-as-taggable-on (3.1.1)
      actionpack (>= 3, < 5)
      activerecord (>= 3, < 5)
      activesupport (>= 3, < 5)
    arel (3.0.3)
    authlogic (3.4.1)
      activerecord (>= 3.2)
      activesupport (>= 3.2)
      request_store (~> 1.0.5)
    bcrypt-ruby (3.0.1)
    builder (3.0.4)
    cancan (1.6.10)
    capybara (2.2.1)
      mime-types (>= 1.16)
      nokogiri (>= 1.3.3)
      rack (>= 1.0.0)
      rack-test (>= 0.5.4)
      xpath (~> 2.0)
    cells (3.10.1)
      actionpack (>= 3.0)
      railties (>= 3.0)
      uber (~> 0.0.4)
    childprocess (0.5.3)
      ffi (~> 1.0, >= 1.0.11)
    climate_control (0.0.3)
      activesupport (>= 3.0)
    cocaine (0.5.4)
      climate_control (>= 0.0.3, < 1.0)
    coffee-rails (3.2.2)
      coffee-script (>= 2.2.0)
      railties (~> 3.2.0)
    coffee-script (2.2.0)
      coffee-script-source
      execjs
    coffee-script-source (1.7.0)
    commonwatir (4.0.0)
    cucumber (1.3.14)
      builder (>= 2.1.2)
      diff-lcs (>= 1.1.3)
      gherkin (~> 2.12)
      multi_json (>= 1.7.5, < 2.0)
      multi_test (>= 0.1.1)
    cucumber-rails (1.4.0)
      capybara (>= 1.1.2)
      cucumber (>= 1.2.0)
      nokogiri (>= 1.5.0)
      rails (>= 3.0.0)
    database_cleaner (1.2.0)
    diff-lcs (1.2.5)
    erubis (2.7.0)
    execjs (2.0.2)
    factory_girl (4.4.0)
      activesupport (>= 3.0.0)
    factory_girl_rails (4.4.1)
      factory_girl (~> 4.4.0)
      railties (>= 3.0.0)
    ffi (1.9.3)
    ffi-compiler (0.1.3)
      ffi (>= 1.0.0)
      rake
    gherkin (2.12.2)
      multi_json (~> 1.3)
    haml (4.0.5)
      tilt
    haml-rails (0.4)
      actionpack (>= 3.1, < 4.1)
      activesupport (>= 3.1, < 4.1)
      haml (>= 3.1, < 4.1)
      railties (>= 3.1, < 4.1)
    hike (1.2.3)
    i18n (0.6.9)
    journey (1.0.4)
    jquery-rails (3.1.0)
      railties (>= 3.0, < 5.0)
      thor (>= 0.14, < 2.0)
    jquery-ui-rails (4.1.2)
      railties (>= 3.1.0)
    json (1.8.1)
    libv8 (3.16.14.3)
    mail (2.4.4)
      i18n (>= 0.4.0)
      mime-types (~> 1.16)
      treetop (~> 1.4.8)
    mime-types (1.25.1)
    mini_portile (0.5.3)
    multi_json (1.9.2)
    multi_test (0.1.1)
    mysql2 (0.3.15)
    nokogiri (1.6.1)
      mini_portile (~> 0.5.0)
    orm_adapter (0.5.0)
    paperclip (3.5.4)
      activemodel (>= 3.0.0)
      activesupport (>= 3.0.0)
      cocaine (~> 0.5.3)
      mime-types
    polyglot (0.3.4)
    rack (1.4.5)
    rack-cache (1.2)
      rack (>= 0.4)
    rack-ssl (1.3.4)
      rack
    rack-test (0.6.2)
      rack (>= 1.0)
    rails (3.2.12)
      actionmailer (= 3.2.12)
      actionpack (= 3.2.12)
      activerecord (= 3.2.12)
      activeresource (= 3.2.12)
      activesupport (= 3.2.12)
      bundler (~> 1.0)
      railties (= 3.2.12)
    rails3-jquery-autocomplete (1.0.14)
      rails (>= 3.0)
    railties (3.2.12)
      actionpack (= 3.2.12)
      activesupport (= 3.2.12)
      rack-ssl (~> 1.3.2)
      rake (>= 0.8.7)
      rdoc (~> 3.4)
      thor (>= 0.14.6, < 2.0)
    rake (10.3.1)
    rdoc (3.12.2)
      json (~> 1.4)
    ref (1.0.5)
    request_store (1.0.5)
    role_model (0.8.1)
    rspec-core (2.14.8)
    rspec-expectations (2.14.5)
      diff-lcs (>= 1.1.3, < 2.0)
    rspec-mocks (2.14.6)
    rspec-rails (2.14.2)
      actionpack (>= 3.0)
      activemodel (>= 3.0)
      activesupport (>= 3.0)
      railties (>= 3.0)
      rspec-core (~> 2.14.0)
      rspec-expectations (~> 2.14.0)
      rspec-mocks (~> 2.14.0)
    rubyzip (1.1.3)
    russian (0.6.0)
      i18n (>= 0.5.0)
    sass (3.3.5)
    sass-rails (3.2.6)
      railties (~> 3.2.0)
      sass (>= 3.1.10)
      tilt (~> 1.3)
    scrypt (1.2.1)
      ffi-compiler (>= 0.0.2)
      rake
    selenium-webdriver (2.41.0)
      childprocess (>= 0.5.0)
      multi_json (~> 1.0)
      rubyzip (~> 1.0)
      websocket (~> 1.0.4)
    spork (1.0.0rc4)
    spork-rails (4.0.0)
      rails (>= 3.0.0, < 5)
      spork (>= 1.0rc0)
    sprockets (2.2.2)
      hike (~> 1.2)
      multi_json (~> 1.0)
      rack (~> 1.0)
      tilt (~> 1.1, != 1.3.0)
    sqlite3 (1.3.9)
    stringex (2.5.2)
    therubyracer (0.12.1)
      libv8 (~> 3.16.14.0)
      ref
    thor (0.19.1)
    tilt (1.4.1)
    treetop (1.4.15)
      polyglot
      polyglot (>= 0.3.1)
    tzinfo (0.3.39)
    uber (0.0.4)
    uglifier (2.5.0)
      execjs (>= 0.3.0)
      json (>= 1.8.0)
    watir (5.0.0)
      commonwatir (~> 4)
      watir-webdriver
    watir-webdriver (0.6.9)
      selenium-webdriver (>= 2.18.0)
    websocket (1.0.7)
    xpath (2.0.0)
      nokogiri (~> 1.3)

PLATFORMS
  ruby

DEPENDENCIES
  acts-as-taggable-on
  authlogic
  bcrypt-ruby (~> 3.0.0)
  cancan
  capybara
  cells
  ckeditor!
  coffee-rails
  cucumber-rails
  database_cleaner
  execjs
  factory_girl_rails
  haml-rails
  jquery-rails
  jquery-ui-rails
  mysql2
  paperclip (~> 3.5.3)
  rails (= 3.2.12)
  rails3-jquery-autocomplete
  role_model
  rspec-rails
  russian (~> 0.6.0)
  sass-rails
  scrypt
  spork-rails
  sqlite3 (~> 1.3.9)
  stringex
  therubyracer
  uglifier
  watir
